PATH
  remote: .
  specs:
    medusa-proxy (0.0.0)
      ansi
      bundler (~> 1.0.0)
      em-proxy
      redis
      rest-client
      yajl-ruby

GEM
  remote: http://rubygems.org/
  specs:
    ansi (1.2.2)
    em-proxy (0.1.4)
      eventmachine (>= 0.12.9)
    eventmachine (0.12.10)
    fakeweb (1.3.0)
    mime-types (1.16)
    redis (2.1.1)
    rest-client (1.6.1)
      mime-types (>= 1.16)
    shoulda (2.11.3)
    turn (0.8.1)
      ansi (>= 1.2.2)
    yajl-ruby (0.7.7)

PLATFORMS
  ruby

DEPENDENCIES
  ansi
  bundler (~> 1.0.0)
  em-proxy
  fakeweb
  medusa-proxy!
  redis
  rest-client
  shoulda
  turn
  yajl-ruby
